PATH
  remote: .
  specs:
    mortgagerb (0.2.2)
      faraday (~> 2.12, >= 2.12.1)
      nokogiri (~> 1.16, >= 1.16.7)

GEM
  remote: https://rubygems.org/
  specs:
    ast (2.4.2)
    faraday (2.12.1)
      faraday-net_http (>= 2.0, < 3.5)
      json
      logger
    faraday-net_http (3.4.0)
      net-http (>= 0.5.0)
    json (2.7.1)
    language_server-protocol (3.17.0.3)
    logger (1.6.1)
    mini_portile2 (2.8.8)
    minitest (5.22.2)
    net-http (0.5.0)
      uri
    nokogiri (1.16.7)
      mini_portile2 (~> 2.8.2)
      racc (~> 1.4)
    nokogiri (1.16.7-arm64-darwin)
      racc (~> 1.4)
    parallel (1.24.0)
    parser (3.3.0.5)
      ast (~> 2.4.1)
      racc
    racc (1.7.3)
    rainbow (3.1.1)
    rake (13.1.0)
    regexp_parser (2.9.0)
    rexml (3.2.6)
    rubocop (1.62.0)
      json (~> 2.3)
      language_server-protocol (>= 3.17.0)
      parallel (~> 1.10)
      parser (>= 3.3.0.2)
      rainbow (>= 2.2.2, < 4.0)
      regexp_parser (>= 1.8, < 3.0)
      rexml (>= 3.2.5, < 4.0)
      rubocop-ast (>= 1.31.1, < 2.0)
      ruby-progressbar (~> 1.7)
      unicode-display_width (>= 2.4.0, < 3.0)
    rubocop-ast (1.31.2)
      parser (>= 3.3.0.4)
    ruby-progressbar (1.13.0)
    unicode-display_width (2.5.0)
    uri (1.0.2)

PLATFORMS
  arm64-darwin-23
  ruby

DEPENDENCIES
  faraday (~> 2.12, >= 2.12.1)
  minitest (~> 5.16)
  mortgagerb!
  nokogiri (~> 1.16, >= 1.16.7)
  rake (~> 13.0)
  rubocop (~> 1.21)

BUNDLED WITH
   2.5.3
